PATH
  remote: .
  specs:
    brainstem (2.3.4)
      activerecord (>= 4.2, < 8.0)
      activesupport (>= 4.2, < 8.0)

GEM
  remote: https://rubygems.org/
  specs:
    activemodel (7.0.4)
      activesupport (= 7.0.4)
    activerecord (7.0.4)
      activemodel (= 7.0.4)
      activesupport (= 7.0.4)
    activesupport (7.0.4)
      concurrent-ruby (~> 1.0, >= 1.0.2)
      i18n (>= 1.6, < 2)
      minitest (>= 5.1)
      tzinfo (~> 2.0)
    appraisal (2.4.1)
      bundler
      rake
      thor (>= 0.14.0)
    coderay (1.1.2)
    concurrent-ruby (1.1.10)
    database_cleaner (1.8.5)
    db-query-matchers (0.11.0)
      activesupport (>= 4.0, < 7.1)
      rspec (>= 3.0)
    diff-lcs (1.5.0)
    i18n (1.12.0)
      concurrent-ruby (~> 1.0)
    method_source (0.9.2)
    minitest (5.16.3)
    mysql2 (0.5.4)
    pg (1.4.5)
    pry (0.12.2)
      coderay (~> 1.1.0)
      method_source (~> 0.9.0)
    pry-nav (0.3.0)
      pry (>= 0.9.10, < 0.13.0)
    rake (13.0.1)
    redcarpet (3.5.0)
    rr (1.2.1)
    rspec (3.12.0)
      rspec-core (~> 3.12.0)
      rspec-expectations (~> 3.12.0)
      rspec-mocks (~> 3.12.0)
    rspec-core (3.12.0)
      rspec-support (~> 3.12.0)
    rspec-expectations (3.12.0)
      diff-lcs (>= 1.2.0, < 2.0)
      rspec-support (~> 3.12.0)
    rspec-mocks (3.12.0)
      diff-lcs (>= 1.2.0, < 2.0)
      rspec-support (~> 3.12.0)
    rspec-support (3.12.0)
    sqlite3 (1.4.2)
    thor (1.2.1)
    tzinfo (2.0.5)
      concurrent-ruby (~> 1.0)
    yard (0.9.25)

PLATFORMS
  ruby

DEPENDENCIES
  appraisal
  brainstem!
  bundler
  database_cleaner
  db-query-matchers
  mysql2
  pg
  pry
  pry-nav
  rake
  redcarpet
  rr
  rspec
  sqlite3
  yard

BUNDLED WITH
   2.3.26
